PATH
  remote: .
  specs:
    carpetbomb (0.0.7)
      redcarpet (~> 3.0.0)

GEM
  remote: https://rubygems.org/
  specs:
    redcarpet (3.0.0)

PLATFORMS
  ruby

DEPENDENCIES
  carpetbomb!
