PATH
  remote: .
  specs:
    carpetbomb (0.1.4)
      redcarpet (~> 3.1.0)

GEM
  remote: https://rubygems.org/
  specs:
    redcarpet (3.1.1)

PLATFORMS
  ruby

DEPENDENCIES
  carpetbomb!
